GEM
  remote: http://rubygems.org/
  specs:
    activesupport (3.2.8)
      i18n (~> 0.6)
      multi_json (~> 1.0)
    ansi (1.4.3)
    builder (3.1.3)
    git (1.2.5)
    hashie (1.2.0)
    highline (1.6.15)
    i18n (0.6.1)
    jeweler (1.8.4)
      bundler (~> 1.0)
      git (>= 1.2.5)
      rake
      rdoc
    json (1.7.5)
    minitest (3.4.0)
    minitest-reporters (0.11.0)
      ansi
      builder
      minitest (>= 2.12, < 4.0)
      powerbar
    multi_json (1.3.6)
    posto (0.3.2)
      activesupport
      highline
    powerbar (1.0.8)
      ansi (~> 1.4.0)
      hashie (>= 1.1.0)
    rake (0.9.2.2)
    rdoc (3.12)
      json (~> 1.4)

PLATFORMS
  ruby

DEPENDENCIES
  bundler
  jeweler
  minitest
  minitest-reporters (>= 0.5.0)
  posto
