PATH
  remote: .
  specs:
    grasshopper (1.1.1)

GEM
  remote: https://rubygems.org/
  specs:

PLATFORMS
  arm64-darwin-21

DEPENDENCIES
  grasshopper!

BUNDLED WITH
   2.4.17
