PATH
  remote: .
  specs:
    grasshopper (1.0.0)
      minitest

GEM
  remote: https://rubygems.org/
  specs:
    activesupport (3.2.8)
      i18n (~> 0.6)
      multi_json (~> 1.0)
    ansi (1.5.0)
    builder (3.2.3)
    five_leaves (0.2.1)
    highline (1.6.15)
    i18n (0.6.1)
    minitest (5.10.1)
    minitest-reporters (1.1.14)
      ansi
      builder
      minitest (>= 5.0)
      ruby-progressbar
    multi_json (1.3.6)
    posto (0.3.5)
      activesupport
      five_leaves
      highline
    ruby-progressbar (1.8.1)

PLATFORMS
  ruby

DEPENDENCIES
  bundler
  grasshopper!
  minitest-reporters (>= 0.5.0)
  posto

BUNDLED WITH
   1.13.6
