PATH
  remote: .
  specs:
    grasshopper (1.1.1)

GEM
  remote: https://rubygems.org/
  specs:
    ansi (1.5.0)
    builder (3.2.3)
    minitest (5.10.1)
    minitest-reporters (1.1.14)
      ansi
      builder
      minitest (>= 5.0)
      ruby-progressbar
    ruby-progressbar (1.8.1)

PLATFORMS
  ruby

DEPENDENCIES
  bundler
  grasshopper!
  minitest
  minitest-reporters (>= 0.5.0)

BUNDLED WITH
   2.1.4
