PATH
  remote: .
  specs:
    grasshopper (1.0.0)

GEM
  remote: https://rubygems.org/
  specs:
    activesupport (5.0.2)
      concurrent-ruby (~> 1.0, >= 1.0.2)
      i18n (~> 0.7)
      minitest (~> 5.1)
      tzinfo (~> 1.1)
    ansi (1.5.0)
    builder (3.2.3)
    concurrent-ruby (1.0.5)
    five_leaves (0.2.1)
    highline (1.7.8)
    i18n (0.8.1)
    minitest (5.10.1)
    minitest-reporters (1.1.14)
      ansi
      builder
      minitest (>= 5.0)
      ruby-progressbar
    posto (0.4.0)
      activesupport
      five_leaves
      highline
    ruby-progressbar (1.8.1)
    thread_safe (0.3.6)
    tzinfo (1.2.3)
      thread_safe (~> 0.1)

PLATFORMS
  ruby

DEPENDENCIES
  bundler
  grasshopper!
  minitest
  minitest-reporters (>= 0.5.0)
  posto

BUNDLED WITH
   1.13.6
